PATH
  remote: .
  specs:
    torid (1.2.3)
      fnv (~> 0.2)

GEM
  remote: https://rubygems.org/
  specs:
    fnv (0.2.0)
    json (1.8.1)
    minitest (5.4.2)
    rake (10.3.2)
    rdoc (4.1.2)
      json (~> 1.4)

PLATFORMS
  ruby

DEPENDENCIES
  minitest (~> 5.0)
  rake (~> 10.1)
  rdoc (~> 4.0)
  torid!
