PATH
  remote: .
  specs:
    torid (1.3.0)
      fnv (~> 0.2)

GEM
  remote: https://rubygems.org/
  specs:
    builder (3.2.4)
    docile (1.4.0)
    fnv (0.2.0)
    minitest (5.17.0)
    minitest-focus (1.3.1)
      minitest (>= 4, < 6)
    minitest-junit (1.1.0)
      builder (~> 3.2)
      minitest (~> 5.11)
    psych (5.0.2)
      stringio
    rake (13.0.6)
    rdoc (6.5.0)
      psych (>= 4.0.0)
    simplecov (0.22.0)
      docile (~> 1.1)
      simplecov-html (~> 0.11)
      simplecov_json_formatter (~> 0.1)
    simplecov-html (0.12.3)
    simplecov_json_formatter (0.1.4)
    stringio (3.0.5)

PLATFORMS
  ruby

DEPENDENCIES
  minitest (~> 5.17)
  minitest-focus (~> 1.3)
  minitest-junit (~> 1.0)
  rake (~> 13.0)
  rdoc (~> 6.4)
  simplecov (~> 0.21)
  torid!

BUNDLED WITH
   2.4.6
